GIT
  remote: https://github.com/brandur/que
  revision: bc10954de44f20f9d85c3303f8550c8e048d835a
  branch: transaction-tolerant
  specs:
    que (0.10.0)

GEM
  remote: https://rubygems.org/
  specs:
    pg (0.18.1)
    sequel (4.17.0)

PLATFORMS
  ruby

DEPENDENCIES
  pg
  que!
  sequel
