GIT
  remote: https://github.com/brandur/que
  revision: 67c2a7f3ceef80aec573f615d6e03dd5846f258c
  branch: transaction-tolerant
  specs:
    que (0.10.0)

GEM
  remote: https://rubygems.org/
  specs:
    pg (0.18.1)
    sequel (4.17.0)

PLATFORMS
  ruby

DEPENDENCIES
  pg
  que!
  sequel
