GIT
  remote: https://github.com/brandur/que
  revision: f95aec38a48a86d1b4c82297bc5ed9c88bb600d6
  specs:
    que (0.10.0)

GEM
  remote: https://rubygems.org/
  specs:
    pg (0.18.1)
    sequel (4.17.0)

PLATFORMS
  ruby

DEPENDENCIES
  pg
  que!
  sequel
